GEM
  remote: https://rubygems.org/
  specs:
    bosh_common (1.3232.0)
      logging (~> 1.8.2)
      semi_semantic (~> 1.1.0)
    bosh_cpi (1.3232.0)
      bosh_common (~> 1.3232.0)
      logging (~> 1.8.2)
      membrane (~> 1.1.0)
    builder (3.2.2)
    diff-lcs (1.2.5)
    excon (0.49.0)
    fog-core (1.40.0)
      builder
      excon (~> 0.49)
      formatador (~> 0.2)
    fog-json (1.0.2)
      fog-core (~> 1.0)
      multi_json (~> 1.10)
    fog-openstack (0.1.6)
      fog-core (>= 1.39)
      fog-json (>= 1.0)
      ipaddress (>= 0.8)
    formatador (0.2.5)
    ipaddress (0.8.3)
    little-plugger (1.1.4)
    logging (1.8.2)
      little-plugger (>= 1.1.3)
      multi_json (>= 1.8.4)
    membrane (1.1.0)
    multi_json (1.12.0)
    rspec (3.0.0)
      rspec-core (~> 3.0.0)
      rspec-expectations (~> 3.0.0)
      rspec-mocks (~> 3.0.0)
    rspec-core (3.0.4)
      rspec-support (~> 3.0.0)
    rspec-expectations (3.0.4)
      diff-lcs (>= 1.2.0, < 2.0)
      rspec-support (~> 3.0.0)
    rspec-mocks (3.0.4)
      rspec-support (~> 3.0.0)
    rspec-support (3.0.4)
    semi_semantic (1.1.0)

PLATFORMS
  ruby

DEPENDENCIES
  bosh_common
  bosh_cpi
  fog-openstack (= 0.1.6)
  membrane (~> 1.1.0)
  rspec (~> 3.0.0)

BUNDLED WITH
   1.11.2
