GEM
  remote: https://rubygems.org/
  specs:
    bosh_common (1.3232.0)
      logging (~> 1.8.2)
      semi_semantic (~> 1.1.0)
    bosh_cpi (1.3232.0)
      bosh_common (~> 1.3232.0)
      logging (~> 1.8.2)
      membrane (~> 1.1.0)
    diff-lcs (1.2.5)
    little-plugger (1.1.4)
    logging (1.8.2)
      little-plugger (>= 1.1.3)
      multi_json (>= 1.8.4)
    membrane (1.1.0)
    multi_json (1.12.0)
    rspec (3.0.0)
      rspec-core (~> 3.0.0)
      rspec-expectations (~> 3.0.0)
      rspec-mocks (~> 3.0.0)
    rspec-core (3.0.4)
      rspec-support (~> 3.0.0)
    rspec-expectations (3.0.4)
      diff-lcs (>= 1.2.0, < 2.0)
      rspec-support (~> 3.0.0)
    rspec-mocks (3.0.4)
      rspec-support (~> 3.0.0)
    rspec-support (3.0.4)
    semi_semantic (1.1.0)

PLATFORMS
  ruby

DEPENDENCIES
  bosh_common
  bosh_cpi
  rspec (~> 3.0.0)
